PATH
  remote: .
  specs:
    rtfs (0.2.0)
      rest-client (>= 1.6.0)

GEM
  remote: http://ruby.taobao.org/
  specs:
    diff-lcs (1.2.1)
    json (1.7.7)
    mime-types (1.21)
    rest-client (1.6.7)
      mime-types (>= 1.16)
    rspec (2.13.0)
      rspec-core (~> 2.13.0)
      rspec-expectations (~> 2.13.0)
      rspec-mocks (~> 2.13.0)
    rspec-core (2.13.1)
    rspec-expectations (2.13.0)
      diff-lcs (>= 1.1.3, < 2.0)
    rspec-mocks (2.13.0)

PLATFORMS
  ruby

DEPENDENCIES
  json
  rest-client (>= 1.6.0)
  rspec (~> 2.5)
  rtfs!
